GEM
  remote: http://rubygems.org/
  specs:
    json_pure (1.4.6)
    rspec (1.3.0)
    simplehttp (0.1.3)

PLATFORMS
  ruby

DEPENDENCIES
  json_pure
  rspec
  simplehttp
