GIT
  remote: https://github.com/lukaszkorecki/growl.git
  revision: cf125fd887980c374df12fa2c16538e1c49120e2
  specs:
    growl (1.0.3)

GEM
  remote: http://rubygems.org/
  specs:
    rspec (1.3.0)
    wxruby (2.0.1)

PLATFORMS
  ruby

DEPENDENCIES
  growl!
  rspec
  wxruby (= 2.0.1)
